GIT
  remote: https://github.com/everypolitician/scraped.git
  revision: 7fd43913456af49d32e882d0cb79f3da1f5117ef
  specs:
    scraped (0.6.2)
      field_serializer (>= 0.3.0)
      nokogiri
      require_all

GIT
  remote: https://github.com/everypolitician/wikidata-fetcher.git
  revision: cb919d174cfcae94983380fe6b4a1e07874f7029
  specs:
    wikidata-fetcher (0.24.0)
      json
      mediawiki_api
      nokogiri
      require_all
      rest-client
      scraperwiki
      wikidata-client (~> 0.0.7)
      wikisnakker
      yajl-ruby

GIT
  remote: https://github.com/openaustralia/scraperwiki-ruby.git
  revision: fc50176812505e463077d5c673d504a6a234aa78
  branch: morph_defaults
  specs:
    scraperwiki (3.0.1)
      httpclient
      sqlite_magic

GIT
  remote: https://github.com/openc/sqlite_magic.git
  revision: 4df975eb4e9891de54f870077c83f63762af9bf9
  specs:
    sqlite_magic (0.0.6)
      sqlite3

GEM
  remote: https://rubygems.org/
  specs:
    ast (2.4.0)
    coderay (1.1.2)
    domain_name (0.5.20180417)
      unf (>= 0.0.5, < 1.0.0)
    excon (0.64.0)
    faraday (0.15.4)
      multipart-post (>= 1.2, < 3)
    faraday-cookie_jar (0.0.6)
      faraday (>= 0.7.4)
      http-cookie (~> 1.0.0)
    faraday_middleware (0.13.1)
      faraday (>= 0.7.4, < 1.0)
    field_serializer (0.3.0)
    hashie (3.6.0)
    http-cookie (1.0.3)
      domain_name (~> 0.5)
    httpclient (2.8.3)
    jaro_winkler (1.5.2)
    json (2.2.0)
    mediawiki_api (0.7.1)
      faraday (~> 0.9, >= 0.9.0)
      faraday-cookie_jar (~> 0.0, >= 0.0.6)
      faraday_middleware (~> 0.10, >= 0.10.0)
    method_source (0.9.2)
    mime-types (3.2.2)
      mime-types-data (~> 3.2015)
    mime-types-data (3.2019.0331)
    mini_portile2 (2.4.0)
    multipart-post (2.0.0)
    netrc (0.11.0)
    nokogiri (1.10.3)
      mini_portile2 (~> 2.4.0)
    parallel (1.17.0)
    parser (2.6.2.1)
      ast (~> 2.4.0)
    pry (0.12.2)
      coderay (~> 1.1.0)
      method_source (~> 0.9.0)
    psych (3.1.0)
    rainbow (3.0.0)
    rake (12.3.2)
    require_all (2.0.0)
    rest-client (2.0.2)
      http-cookie (>= 1.0.2, < 2.0)
      mime-types (>= 1.16, < 4.0)
      netrc (~> 0.8)
    rubocop (0.67.2)
      jaro_winkler (~> 1.5.1)
      parallel (~> 1.10)
      parser (>= 2.5, != 2.5.1.1)
      psych (>= 3.1.0)
      rainbow (>= 2.2.2, < 4.0)
      ruby-progressbar (~> 1.7)
      unicode-display_width (>= 1.4.0, < 1.6)
    ruby-progressbar (1.10.0)
    sqlite3 (1.4.0)
    unf (0.1.4)
      unf_ext
    unf_ext (0.0.7.6)
    unicode-display_width (1.5.0)
    wikidata-client (0.0.12)
      excon (~> 0.40)
      faraday (~> 0.9)
      faraday_middleware (~> 0.9)
      hashie (~> 3.3)
    wikisnakker (0.9.1)
      require_all
      yajl-ruby
    yajl-ruby (1.4.1)

PLATFORMS
  ruby

DEPENDENCIES
  mediawiki_api
  pry
  rake
  rest-client
  rubocop
  scraped!
  scraperwiki!
  sqlite_magic!
  wikidata-fetcher (>= 0.20.0)!

RUBY VERSION
   ruby 2.5.3p105

BUNDLED WITH
   1.16.6
